GEM
  remote: https://rubygems.org/
  specs:
    builder (3.2.2)
    dotenv (2.0.2)
    jwt (1.5.2)
    multi_json (1.11.2)
    twilio-ruby (4.6.0)
      builder (>= 2.1.2)
      jwt (~> 1.0)
      multi_json (>= 1.3.0)

PLATFORMS
  ruby

DEPENDENCIES
  dotenv
  twilio-ruby

BUNDLED WITH
   1.10.6
